GEM
  remote: https://rubygems.org/
  specs:
    base64 (0.2.0)
    daemons (1.4.1)
    eventmachine (1.2.7)
    logger (1.7.0)
    mustermann (3.0.0)
      ruby2_keywords (~> 0.0.1)
    rack (2.2.17)
    rack-protection (3.2.0)
      base64 (>= 0.1.0)
      rack (~> 2.2, >= 2.2.4)
    ruby2_keywords (0.0.5)
    sinatra (3.2.0)
      mustermann (~> 3.0)
      rack (~> 2.2, >= 2.2.4)
      rack-protection (= 3.2.0)
      tilt (~> 2.0)
    thin (2.0.0)
      daemons (~> 1.0, >= 1.0.9)
      eventmachine (~> 1.0, >= 1.0.4)
      logger
      rack (>= 1, < 4)
    tilt (2.3.0)

PLATFORMS
  ruby

DEPENDENCIES
  sinatra (~> 3.2.0)
  thin
